GEM
  remote: http://rubygems.org/
  specs:
    git (1.2.5)
    jeweler2 (2.0.9)
      git (>= 1.2.5)
    riot (0.12.5)
      rr
    rr (1.0.4)
    ruby-version (0.3.1)

PLATFORMS
  ruby

DEPENDENCIES
  bundler (>= 1.0.0)
  jeweler2 (>= 2.0.0)
  riot (>= 0.12.3)
  ruby-version
